GEM
  remote: https://rubygems.org/
  specs:
    grpc-tools (1.60.0)

PLATFORMS
  arm64-darwin-23

DEPENDENCIES
  grpc-tools (~> 1.60)

BUNDLED WITH
   2.4.21
